{
  "AcquisitionMatrixPE": 186,
  "AcquisitionNumber": 1,
  "AcquisitionTime": "10:31:24.147500",
  "BandwidthPerPixelPhaseEncode": 19.67,
  "BaseResolution": 186,
  "ConversionSoftware": "dcm2niix",
  "ConversionSoftwareVersion": "v1.0.20171017 GCC6.3.0",
  "DerivedVendorReportedEchoSpacing": 0.000819981,
  "DeviceSerialNumber": "18001",
  "DwellTime": 1.9e-06,
  "EchoTime": 0.022,
  "EffectiveEchoSpacing": 0.000273327,
  "FlipAngle": 90,
  "ImageOrientationPatientDICOM": [1, 0, 0, 0, 1, 0],
  "ImageType": [
    "ORIGINAL",
    "PRIMARY",
    "M",
    "ND",
    "MOSAIC"
],
  "InPlanePhaseEncodingDirectionDICOM": "COL",
  "InstitutionAddress": "13_St_149_Charlestown_Massachusetts_US_02129",
  "InstitutionName": "MGH_7T",
  "InstitutionalDepartmentName": "MGH_NMR_Center",
  "InversionTime": 0.0136,
  "MRAcquisitionType": "2D",
  "MagneticFieldStrength": 6.98,
  "Manufacturer": "Siemens",
  "ManufacturersModelName": "Investigational_Device_7T",
  "Modality": "MR",
  "ParallelReductionFactorInPlane": 3,
  "PartialFourier": 0.75,
  "PatientPosition": "HFS",
  "PercentPhaseFOV": 100,
  "PhaseEncodingDirection": "j-",
  "PhaseEncodingSteps": 141,
  "PhaseResolution": 1,
  "PixelBandwidth": 1415,
  "ProcedureStepDescription": "INVESTIGATORS_Jchoi",
  "ProtocolName": "T1_EPI_1p1iso_axi_R3",
  "PulseSequenceDetails": "%CustomerSeq%/twitzel_ep2d_msfleetvir",
  "ReceiveCoilName": "7T31ChHeadSG",
  "ReconMatrixPE": 186,
  "RepetitionTime": 8.52,
  "SAR": 0.290364,
  "ScanOptions": "IR_PFP_FS",
  "ScanningSequence": "EP_IR",
  "SequenceName": "epvir2d1_192",
  "SequenceVariant": "SK_SP_MP",
  "SeriesDescription": "T1_EPI_1p1iso_axi_R3",
  "SeriesNumber": 7,
  "ShimSetting": [-288, -308, 588, -15, 98, -334, -43, -255],
  "SliceThickness": 1.1,
  "SliceTiming": [4.5025, 0, 4.5725, 0.0925, 4.645, 0.165, 4.715, 0.235, 4.7875, 0.3075, 4.8575, 0.3775, 4.93, 0.45, 5, 0.52, 5.0725, 0.59, 5.1425, 0.6625, 5.2125, 0.7325, 5.285, 0.805, 5.355, 0.875, 5.4275, 0.9475, 5.4975, 1.0175, 5.57, 1.09, 5.64, 1.16, 5.7125, 1.23, 5.7825, 1.3025, 5.8525, 1.3725, 5.925, 1.445, 5.995, 1.515, 6.0675, 1.5875, 6.1375, 1.6575, 6.21, 1.73, 6.28, 1.8, 6.3525, 1.87, 6.4225, 1.9425, 6.4925, 2.0125, 6.565, 2.085, 6.635, 2.155, 6.7075, 2.2275, 6.7775, 2.2975, 6.85, 2.37, 6.92, 2.44, 6.9925, 2.5125, 7.0625, 2.5825, 7.1325, 2.6525, 7.205, 2.725, 7.275, 2.795, 7.3475, 2.8675, 7.4175, 2.9375, 7.49, 3.01, 7.56, 3.08, 7.6325, 3.1525, 7.7025, 3.2225, 7.7725, 3.2925, 7.845, 3.365, 7.915, 3.435, 7.9875, 3.5075, 8.0575, 3.5775, 8.13, 3.65, 8.2, 3.72, 8.2725, 3.7925, 8.3425, 3.8625, 8.415, 3.9325, 8.485, 4.005, 8.555, 4.075, 8.6275, 4.1475, 8.6975, 4.2175, 8.77, 4.29, 8.84, 4.36, 8.9125, 4.4325],
  "SoftwareVersions": "syngo_MR_B17",
  "SpacingBetweenSlices": 1.1,
  "StationName": "BAY5OC",
  "TotalReadoutTime": 0.0505655,
  "TxRefAmp": 430,
  "VendorReportedEchoSpacing": 0.00082}