{
  "AcquisitionMatrixPE": 186,
  "AcquisitionNumber": 1,
  "AcquisitionTime": "10:56:37.040000",
  "BandwidthPerPixelPhaseEncode": 19.912,
  "BaseResolution": 186,
  "ConversionSoftware": "dcm2niix",
  "ConversionSoftwareVersion": "v1.0.20171017 GCC6.3.0",
  "DerivedVendorReportedEchoSpacing": 0.000810016,
  "DeviceSerialNumber": "18001",
  "DwellTime": 1.9e-06,
  "EchoTime": 0.022,
  "EffectiveEchoSpacing": 0.000270005,
  "FlipAngle": 90,
  "ImageOrientationPatientDICOM": [1, 0, 0, 0, 1, 0],
  "ImageType": [
    "ORIGINAL",
    "PRIMARY",
    "M",
    "ND",
    "MOSAIC"
],
  "InPlanePhaseEncodingDirectionDICOM": "COL",
  "InstitutionAddress": "13_St_149_Charlestown_Massachusetts_US_02129",
  "InstitutionName": "Martinos_Center_7T",
  "InstitutionalDepartmentName": "MGH_NMR_Center",
  "InversionTime": 0.0136,
  "MRAcquisitionType": "2D",
  "MagneticFieldStrength": 6.98,
  "Manufacturer": "Siemens",
  "ManufacturersModelName": "Investigational_Device_7T",
  "Modality": "MR",
  "ParallelReductionFactorInPlane": 3,
  "PartialFourier": 0.75,
  "PatientPosition": "HFS",
  "PercentPhaseFOV": 100,
  "PhaseEncodingDirection": "j-",
  "PhaseEncodingSteps": 141,
  "PhaseResolution": 1,
  "PixelBandwidth": 1415,
  "ProcedureStepDescription": "INVESTIGATORS_JCHOI",
  "ProtocolName": "T1_EPI_1p1iso_axi_R3",
  "PulseSequenceDetails": "%CustomerSeq%/twitzel_ep2d_msfleetvir",
  "ReceiveCoilName": "7T31ChHeadSG",
  "ReconMatrixPE": 186,
  "RepetitionTime": 8.52,
  "SAR": 0.219201,
  "ScanOptions": "IR_PFP_FS",
  "ScanningSequence": "EP_IR",
  "SequenceName": "epvir2d1_192",
  "SequenceVariant": "SK_SP_MP",
  "SeriesDescription": "T1_EPI_1p1iso_axi_R3",
  "SeriesNumber": 7,
  "ShimSetting": [-214, -276, 357, 358, 117, -296, -388, -414],
  "SliceThickness": 1.1,
  "SliceTiming": [4.5025, 0, 4.575, 0.095, 4.645, 0.165, 4.7175, 0.2375, 4.7875, 0.3075, 4.86, 0.38, 4.93, 0.45, 5, 0.52, 5.0725, 0.5925, 5.1425, 0.6625, 5.215, 0.735, 5.285, 0.805, 5.3575, 0.8775, 5.4275, 0.9475, 5.5, 1.02, 5.57, 1.09, 5.64, 1.16, 5.7125, 1.2325, 5.7825, 1.3025, 5.855, 1.375, 5.925, 1.445, 5.9975, 1.5175, 6.0675, 1.5875, 6.14, 1.66, 6.21, 1.73, 6.2825, 1.8, 6.3525, 1.8725, 6.4225, 1.9425, 6.495, 2.015, 6.565, 2.085, 6.6375, 2.1575, 6.7075, 2.2275, 6.78, 2.3, 6.85, 2.37, 6.9225, 2.44, 6.9925, 2.5125, 7.0625, 2.5825, 7.135, 2.655, 7.205, 2.725, 7.2775, 2.7975, 7.3475, 2.8675, 7.42, 2.94, 7.49, 3.01, 7.5625, 3.08, 7.6325, 3.1525, 7.7025, 3.2225, 7.775, 3.295, 7.845, 3.365, 7.9175, 3.4375, 7.9875, 3.5075, 8.06, 3.58, 8.13, 3.65, 8.2025, 3.72, 8.2725, 3.7925, 8.3425, 3.8625, 8.415, 3.935, 8.485, 4.005, 8.5575, 4.0775, 8.6275, 4.1475, 8.7, 4.22, 8.77, 4.29, 8.8425, 4.36, 8.9125, 4.4325],
  "SoftwareVersions": "syngo_MR_B17",
  "SpacingBetweenSlices": 1.1,
  "StationName": "BAY5OC",
  "TotalReadoutTime": 0.049951,
  "TxRefAmp": 430,
  "VendorReportedEchoSpacing": 0.00081}